ObjectType = Image
NDims = 3
BinaryData = True
BinaryDataByteOrderMSB = False
CompressedData = False
TransformMatrix = 1 0 0 0 1 0 0 0 1
Offset = -179 -208 -515
CenterOfRotation = 0 0 0
AnatomicalOrientation = RAI
ElementSpacing = 0.675781 0.675781 6
DimSize = 512 512 36
ElementType = MET_SHORT
ElementDataFile = 1.3.6.1.4.1.14519.5.2.1.8421.4008.282428385511621114748193036663.19930329.raw
